GIT
  remote: git://github.com/puma/puma.git
  revision: ebe5f42daba709be4a9e05c7de4b49ea242bb5c6
  specs:
    puma (2.3.2)
      rack (>= 1.1, < 2.0)

GIT
  remote: git://github.com/rails/rails.git
  revision: 8b5439cdf9c0d8ab8acf4f0cbddfa2388c2ac444
  specs:
    actionmailer (4.1.0.beta)
      actionpack (= 4.1.0.beta)
      mail (~> 2.5.4)
    actionpack (4.1.0.beta)
      actionview (= 4.1.0.beta)
      activesupport (= 4.1.0.beta)
      rack (~> 1.5.2)
      rack-test (~> 0.6.2)
    actionview (4.1.0.beta)
      activemodel (= 4.1.0.beta)
      activesupport (= 4.1.0.beta)
      builder (~> 3.1.0)
      erubis (~> 2.7.0)
    activemodel (4.1.0.beta)
      activesupport (= 4.1.0.beta)
      builder (~> 3.1.0)
    activerecord (4.1.0.beta)
      activemodel (= 4.1.0.beta)
      activesupport (= 4.1.0.beta)
      arel (~> 4.0.0)
    activesupport (4.1.0.beta)
      i18n (~> 0.6, >= 0.6.4)
      json (~> 1.7)
      minitest (~> 5.0)
      thread_safe (~> 0.1)
      tzinfo (~> 0.3.37)
    rails (4.1.0.beta)
      actionmailer (= 4.1.0.beta)
      actionpack (= 4.1.0.beta)
      actionview (= 4.1.0.beta)
      activerecord (= 4.1.0.beta)
      activesupport (= 4.1.0.beta)
      bundler (>= 1.3.0, < 2.0)
      railties (= 4.1.0.beta)
      sprockets-rails (~> 2.0.0)
    railties (4.1.0.beta)
      actionpack (= 4.1.0.beta)
      activesupport (= 4.1.0.beta)
      rake (>= 0.8.7)
      thor (>= 0.18.1, < 2.0)

GIT
  remote: git://github.com/rails/sass-rails.git
  revision: 6b8e7c547220d361d6784f4c4decb82a101de7a5
  specs:
    sass-rails (4.0.0.rc2)
      railties (>= 4.0.0.beta, < 5.0)
      sass (>= 3.1.10)
      sprockets-rails (~> 2.0.0)

GIT
  remote: git://github.com/textacular/textacular.git
  revision: a0fe8a8c8cd5d0a5f5c23c3b724dfa32e1bf3b88
  specs:
    textacular (3.0.0)
      activerecord (>= 3.0, < 4.1)

GEM
  remote: https://rubygems.org/
  specs:
    arel (4.0.0)
    atomic (1.1.10)
    builder (3.1.4)
    bullet (4.6.0)
      uniform_notifier
    capistrano (2.15.5)
      highline
      net-scp (>= 1.0.0)
      net-sftp (>= 2.0.0)
      net-ssh (>= 2.0.14)
      net-ssh-gateway (>= 1.1.0)
    capistrano-platform-resources (0.1.3)
      capistrano (< 3)
    capistrano-rbenv (1.0.5)
      capistrano (< 3)
      capistrano-platform-resources (>= 0.1.3)
    celluloid (0.14.1)
      timers (>= 1.0.0)
    celluloid-io (0.14.1)
      celluloid (>= 0.14.1)
      nio4r (>= 0.4.5)
    coffee-rails (4.0.0)
      coffee-script (>= 2.2.0)
      railties (>= 4.0.0.beta, < 5.0)
    coffee-script (2.2.0)
      coffee-script-source
      execjs
    coffee-script-source (1.6.2)
    erubis (2.7.0)
    escape (0.0.4)
    execjs (1.4.0)
      multi_json (~> 1.0)
    eye (0.1.6)
      activesupport
      celluloid
      celluloid-io
      state_machine
      thor
    faraday (0.8.7)
      multipart-post (~> 1.1)
    fast_git_deploy (0.2.2)
    heroku-deflater (0.5.1)
      rack (>= 1.4.5)
    highline (1.6.19)
    hike (1.2.3)
    httparty (0.11.0)
      multi_json (~> 1.0)
      multi_xml (>= 0.5.2)
    i18n (0.6.4)
    jquery-rails (3.0.1)
      railties (>= 3.0, < 5.0)
      thor (>= 0.14, < 2.0)
    json (1.8.0)
    libv8 (3.11.8.17)
    mail (2.5.4)
      mime-types (~> 1.16)
      treetop (~> 1.4.8)
    meta-spotify (0.3.1)
      httparty (> 0.8)
    mime-types (1.23)
    minitest (5.0.6)
    multi_json (1.7.7)
    multi_xml (0.5.4)
    multipart-post (1.2.0)
    musicbrainz (0.7.6)
      faraday
      nokogiri
    net-scp (1.1.2)
      net-ssh (>= 2.6.5)
    net-sftp (2.1.2)
      net-ssh (>= 2.6.5)
    net-ssh (2.6.8)
    net-ssh-gateway (1.2.0)
      net-ssh (>= 2.6.5)
    nio4r (0.4.6)
    nokogiri (1.5.9)
    parallel (0.7.1)
    pg (0.15.1)
    polyglot (0.3.3)
    rack (1.5.2)
    rack-test (0.6.2)
      rack (>= 1.0)
    rails_12factor (0.0.2)
      rails_serve_static_assets
      rails_stdout_logging
    rails_serve_static_assets (0.0.1)
    rails_stdout_logging (0.0.1)
    rake (10.1.0)
    ref (1.0.5)
    sass (3.2.9)
    sitemap_generator (4.1.0)
      builder
    sprockets (2.10.0)
      hike (~> 1.2)
      multi_json (~> 1.0)
      rack (~> 1.0)
      tilt (~> 1.1, != 1.3.0)
    sprockets-rails (2.0.0)
      actionpack (>= 3.0)
      activesupport (>= 3.0)
      sprockets (~> 2.8)
    state_machine (1.2.0)
    textractor (0.2.0)
      escape (>= 0.0.4)
    therubyracer (0.11.4)
      libv8 (~> 3.11.8.12)
      ref
    thor (0.18.1)
    thread_safe (0.1.0)
      atomic
    tilt (1.4.1)
    timers (1.1.0)
    treetop (1.4.14)
      polyglot
      polyglot (>= 0.3.1)
    turbolinks (1.2.0)
      coffee-rails
    tzinfo (0.3.37)
    uglifier (2.1.1)
      execjs (>= 0.3.0)
      multi_json (~> 1.0, >= 1.0.2)
    unicode_utils (1.4.0)
    uniform_notifier (1.2.0)
    zurb-foundation (4.0.9)
      sass (>= 3.2.0)

PLATFORMS
  ruby

DEPENDENCIES
  bullet
  capistrano
  capistrano-rbenv
  coffee-rails (~> 4.0.0)
  eye
  fast_git_deploy
  heroku-deflater
  jquery-rails
  meta-spotify
  musicbrainz
  nokogiri
  parallel
  pg
  puma!
  rails!
  rails_12factor
  sass-rails!
  sitemap_generator
  textacular!
  textractor
  therubyracer
  turbolinks
  uglifier (>= 1.3.0)
  unicode_utils
  zurb-foundation (~> 4.0.0)
